GEM
  remote: http://rubygems.org/
  specs:
    addressable (2.3.3)
    excon (0.16.10)
    faraday (0.8.6)
      multipart-post (~> 1.1)
    heroku (2.35.0)
      heroku-api (~> 0.3.7)
      launchy (>= 0.3.2)
      netrc (~> 0.7.7)
      rest-client (~> 1.6.1)
      rubyzip
    heroku-api (0.3.7)
      excon (~> 0.16.10)
    launchy (2.2.0)
      addressable (~> 2.3)
    mime-types (1.21)
    multipart-post (1.1.5)
    netrc (0.7.7)
    rest-client (1.6.7)
      mime-types (>= 1.16)
    rubyzip (0.9.9)

PLATFORMS
  ruby

DEPENDENCIES
  faraday (~> 0.8.0)
  heroku
